GEM
  remote: http://rubygems.org/
  specs:
    addressable (2.2.4)
    bio (1.4.1)
    git (1.2.5)
    jeweler (1.6.4)
      bundler (~> 1.0)
      git (>= 1.2.5)
      rake
    rake (0.9.2)
    rcov (0.9.10)
    rdf (0.3.3)
      addressable (= 2.2.4)
    shoulda (2.11.3)

PLATFORMS
  ruby

DEPENDENCIES
  bio (>= 1.4.1)
  bundler (~> 1.0.0)
  jeweler (~> 1.6.4)
  rcov
  rdf
  shoulda
